GEM
  remote: https://rubygems.org/
  specs:
    bson (1.11.1)
    mongo (1.11.1)
      bson (= 1.11.1)
    rugged (0.21.0)
    thor (0.19.1)

PLATFORMS
  ruby

DEPENDENCIES
  mongo
  rugged
  thor
